GEM
  remote: http://rubygems.org/
  specs:
    columnize (0.3.4)
    daemons (1.1.4)
    diff-lcs (1.1.2)
    eventmachine (0.12.10)
    eventmachine (0.12.10-java)
    haml (3.1.2)
    json (1.5.3)
    json (1.5.3-java)
    linecache (0.46)
      rbx-require-relative (> 0.0.4)
    rack (1.3.2)
    rack-test (0.5.6)
      rack (>= 1.0)
    rbx-require-relative (0.0.5)
    rspec (2.4.0)
      rspec-core (~> 2.4.0)
      rspec-expectations (~> 2.4.0)
      rspec-mocks (~> 2.4.0)
    rspec-core (2.4.0)
    rspec-expectations (2.4.0)
      diff-lcs (~> 1.1.2)
    rspec-mocks (2.4.0)
    ruby-debug (0.10.4)
      columnize (>= 0.1)
      ruby-debug-base (~> 0.10.4.0)
    ruby-debug-base (0.10.4)
      linecache (>= 0.3)
    ruby-debug-base (0.10.4-java)
    sass (3.1.5)
    sinatra (1.2.6)
      rack (~> 1.1)
      tilt (< 2.0, >= 1.2.2)
    thin (1.2.11)
      daemons (>= 1.0.9)
      eventmachine (>= 0.12.6)
      rack (>= 1.0.0)
    tilt (1.3.2)

PLATFORMS
  java
  ruby

DEPENDENCIES
  haml
  json
  rack-test (= 0.5.6)
  rspec (= 2.4.0)
  rspec-core (= 2.4.0)
  rspec-expectations (= 2.4.0)
  rspec-mocks (= 2.4.0)
  ruby-debug
  sass
  sinatra (= 1.2.6)
  thin
